GEM
  remote: http://rubygems.org/
  specs:
    addressable (2.2.6)
    daemons (1.1.4)
    eventmachine (0.12.10)
    heroku (2.8.0)
      launchy (>= 0.3.2)
      rest-client (~> 1.6.1)
      rubyzip
      term-ansicolor (~> 1.0.5)
    icalendar (1.1.6)
    launchy (2.0.5)
      addressable (~> 2.2.6)
    mime-types (1.16)
    rack (1.3.3)
    rest-client (1.6.7)
      mime-types (>= 1.16)
    rubyzip (0.9.4)
    sinatra (1.2.6)
      rack (~> 1.1)
      tilt (>= 1.2.2, < 2.0)
    term-ansicolor (1.0.6)
    thin (1.2.11)
      daemons (>= 1.0.9)
      eventmachine (>= 0.12.6)
      rack (>= 1.0.0)
    tilt (1.3.3)

PLATFORMS
  ruby

DEPENDENCIES
  heroku
  icalendar
  sinatra
  thin
